GEM
  remote: https://rubygems.org/
  specs:
    bigdecimal (3.1.9)
    coveralls_reborn (0.28.0)
      simplecov (~> 0.22.0)
      term-ansicolor (~> 1.7)
      thor (~> 1.2)
      tins (~> 1.32)
    diff-lcs (1.6.0)
    docile (1.4.1)
    rspec (3.13.0)
      rspec-core (~> 3.13.0)
      rspec-expectations (~> 3.13.0)
      rspec-mocks (~> 3.13.0)
    rspec-core (3.13.3)
      rspec-support (~> 3.13.0)
    rspec-expectations (3.13.3)
      diff-lcs (>= 1.2.0, < 2.0)
      rspec-support (~> 3.13.0)
    rspec-mocks (3.13.2)
      diff-lcs (>= 1.2.0, < 2.0)
      rspec-support (~> 3.13.0)
    rspec-support (3.13.2)
    simplecov (0.22.0)
      docile (~> 1.1)
      simplecov-html (~> 0.11)
      simplecov_json_formatter (~> 0.1)
    simplecov-html (0.13.1)
    simplecov-lcov (0.8.0)
    simplecov_json_formatter (0.1.4)
    sync (0.5.0)
    term-ansicolor (1.11.2)
      tins (~> 1.0)
    thor (1.3.2)
    tins (1.38.0)
      bigdecimal
      sync

PLATFORMS
  ruby
  x86_64-darwin-21

DEPENDENCIES
  coveralls_reborn
  rspec (~> 3.13)
  simplecov
  simplecov-lcov (~> 0.8.0)

RUBY VERSION
   ruby 3.4.2p28

BUNDLED WITH
   2.6.2
